GEM
  remote: https://rubygems.org/
  specs:
    coderay (1.1.1)
    colorize (0.7.7)
    method_source (0.8.2)
    pry (0.10.3)
      coderay (~> 1.1.0)
      method_source (~> 0.8.1)
      slop (~> 3.4)
    rake (11.1.2)
    require_all (1.3.3)
    slop (3.6.0)
    sqlite3 (1.3.11)

PLATFORMS
  ruby

DEPENDENCIES
  colorize
  pry
  rake
  require_all
  sqlite3

BUNDLED WITH
   1.11.2
